GEM
  remote: http://rubygems.org/
  specs:
    puma (3.6.0)
    rack (1.6.4)
    rack-protection (1.5.3)
      rack
    shotgun (0.9.1)
      rack (>= 1.0)
    sinatra (1.4.5)
      rack (~> 1.4)
      rack-protection (~> 1.4)
      tilt (~> 1.3, >= 1.3.4)
    tilt (1.4.1)

PLATFORMS
  ruby

DEPENDENCIES
  puma
  shotgun
  sinatra

RUBY VERSION
   ruby 2.1.5p273

BUNDLED WITH
   1.12.5
